GEM
  remote: http://rubygems.org/
  specs:
    activesupport (3.2.6)
      i18n (~> 0.6)
      multi_json (~> 1.0)
    addressable (2.2.8)
    ansi (1.4.2)
    builder (3.0.0)
    ffi (1.0.11)
    guard (1.2.1)
      listen (>= 0.4.2)
      thor (>= 0.14.6)
    guard-minitest (0.5.0)
      guard (>= 0.4)
    i18n (0.6.0)
    kgio (2.7.4)
    listen (0.4.6)
      rb-fchange (~> 0.0.5)
      rb-fsevent (~> 0.9.1)
      rb-inotify (~> 0.8.8)
    metaclass (0.0.1)
    minitest (3.1.0)
    minitest-reporters (0.7.1)
      ansi
      builder
      minitest (>= 2.0, < 4.0)
      ruby-progressbar
    mocha (0.11.4)
      metaclass (~> 0.0.1)
    multi_json (1.3.6)
    rack (1.4.1)
    rack-protection (1.2.0)
      rack
    rack-test (0.6.1)
      rack (>= 1.0)
    raindrops (0.10.0)
    rake (0.9.2.2)
    rb-fchange (0.0.5)
      ffi
    rb-fsevent (0.9.1)
    rb-inotify (0.8.8)
      ffi (>= 0.5.0)
    ruby-progressbar (0.0.10)
    sinatra (1.3.2)
      rack (~> 1.3, >= 1.3.6)
      rack-protection (~> 1.2)
      tilt (~> 1.3, >= 1.3.3)
    thor (0.15.3)
    tilt (1.3.3)
    unicorn (4.3.1)
      kgio (~> 2.6)
      rack
      raindrops (~> 0.7)

PLATFORMS
  ruby

DEPENDENCIES
  activesupport (~> 3.2.6)
  addressable (~> 2.2.8)
  guard (~> 1.2.1)
  guard-minitest (~> 0.5.0)
  minitest (~> 3.1.0)
  minitest-reporters (~> 0.7.1)
  mocha (~> 0.11.4)
  rack-test (~> 0.6.1)
  rake
  rb-fsevent
  sinatra (~> 1.3.2)
  unicorn (= 4.3.1)
